GEM
  remote: https://rubygems.org/
  specs:
    macaddr (1.7.1)
      systemu (~> 2.6.2)
    mime-types (2.3)
    rest-client (1.6.7)
      mime-types (>= 1.16)
    systemu (2.6.4)

PLATFORMS
  ruby

DEPENDENCIES
  macaddr
  rest-client
